GEM
  remote: http://rubygems.org/
  specs:
    addressable (2.2.6)
    ansi (1.4.1)
    crack (0.3.1)
    git (1.2.5)
    httparty (0.8.1)
      multi_json
      multi_xml
    jeweler (1.6.4)
      bundler (~> 1.0)
      git (>= 1.2.5)
      rake
    metaclass (0.0.1)
    mocha (0.10.0)
      metaclass (~> 0.0.1)
    multi_json (1.0.4)
    multi_xml (0.4.1)
    rake (0.9.2.2)
    rb-fsevent (0.4.3.1)
    rcov (0.9.11)
    shoulda (2.11.3)
    spork (0.8.5)
    spork-testunit (0.0.7)
      spork (>= 0.6.0)
    turn (0.8.3)
      ansi
    vcr (1.11.3)
    watchr (0.7)
    webmock (1.7.8)
      addressable (~> 2.2, > 2.2.5)
      crack (>= 0.1.7)
    yard (0.7.4)

PLATFORMS
  ruby

DEPENDENCIES
  addressable (~> 2.2)
  bundler (~> 1.0.0)
  httparty (~> 0.7)
  jeweler (~> 1.6.4)
  mocha (~> 0.10.0)
  multi_json (~> 1.0)
  rb-fsevent
  rcov
  shoulda
  spork-testunit
  turn
  vcr
  watchr
  webmock (~> 1.7)
  yard (~> 0.7)
