PATH
  remote: .
  specs:
    giraffi (0.1.0)
      httparty (~> 0.7)
      multi_json (~> 1.0)

GEM
  remote: http://rubygems.org/
  specs:
    addressable (2.2.6)
    ansi (1.4.1)
    crack (0.3.1)
    git (1.2.5)
    httparty (0.8.1)
      multi_json
      multi_xml
    jeweler (1.6.4)
      bundler (~> 1.0)
      git (>= 1.2.5)
      rake
    multi_json (1.0.4)
    multi_xml (0.4.1)
    rake (0.9.2.2)
    rb-fsevent (0.4.3.1)
    rcov (0.9.11)
    redcarpet (2.0.0)
    shoulda (2.11.3)
    turn (0.8.3)
      ansi
    vcr (1.11.3)
    watchr (0.7)
    webmock (1.7.8)
      addressable (~> 2.2, > 2.2.5)
      crack (>= 0.1.7)
    yard (0.7.4)

PLATFORMS
  ruby

DEPENDENCIES
  bundler
  giraffi!
  jeweler
  rb-fsevent
  rcov
  redcarpet
  shoulda
  turn
  vcr
  watchr
  webmock
  yard
